GEM
  remote: http://rubygems.org/
  specs:
    gosu (0.7.41-x86-mingw32)

PLATFORMS
  x86-mingw32

DEPENDENCIES
  gosu
